GEM
  remote: http://rubygems.org/
  specs:
    easy_translate (0.2.0)
      json
    json (1.5.1)

PLATFORMS
  ruby

DEPENDENCIES
  easy_translate
